GEM
  remote: https://rubygems.org/
  specs:
    addressable (2.6.0)
      public_suffix (>= 2.0.2, < 4.0)
    algoliasearch (1.26.0)
      httpclient (~> 2.8, >= 2.8.3)
      json (>= 1.5.1)
    asciidoctor (1.5.8)
    asciimath (1.0.8)
    camertron-eprun (1.1.1)
    cldr-plurals-runtime-rb (1.0.1)
    cnccs (0.1.3)
    colorator (1.1.0)
    concurrent-ruby (1.1.5)
    em-websocket (0.5.1)
      eventmachine (>= 0.12.9)
      http_parser.rb (~> 0.6.0)
    eventmachine (1.2.7)
    ffi (1.9.25)
    forwardable-extended (2.6.0)
    gb-agencies (0.0.5)
    gbbib (0.4.4)
      cnccs (~> 0.1.1)
      gb-agencies (~> 0.0.1)
      iso-bib-item (~> 0.4.2)
    html2doc (0.8.9)
      asciimath (~> 1.0.7)
      htmlentities (~> 4.3.4)
      image_size
      mime-types
      nokogiri
      ruby-xslt
      thread_safe
      uuidtools
    htmlentities (4.3.4)
    http_parser.rb (0.6.0)
    httpclient (2.8.3)
    i18n (0.9.5)
      concurrent-ruby (~> 1.0)
    iecbib (0.2.2)
      addressable
      iso-bib-item (~> 0.4.2)
    ietfbib (0.4.5)
      iso-bib-item (~> 0.4.2)
    iev (0.2.2)
      nokogiri
    image_size (2.0.0)
    iso-639 (0.2.8)
    iso-bib-item (0.4.4)
      isoics (~> 0.1.6)
      nokogiri (~> 1.8.4)
      ruby_deep_clone (~> 0.8.0)
    isobib (0.4.4)
      algoliasearch
      iecbib (~> 0.2.1)
      iso-bib-item (~> 0.4.2)
    isodoc (0.9.20)
      asciimath
      html2doc (~> 0.8.6)
      htmlentities (~> 4.3.4)
      liquid
      metanorma (~> 0.3.0)
      nokogiri (>= 1)
      rake (~> 12.0)
      roman-numerals
      sassc (~> 1.12.1)
      thread_safe
      uuidtools
    isoics (0.1.7)
    jekyll (3.8.5)
      addressable (~> 2.4)
      colorator (~> 1.0)
      em-websocket (~> 0.5)
      i18n (~> 0.7)
      jekyll-sass-converter (~> 1.0)
      jekyll-watch (~> 2.0)
      kramdown (~> 1.14)
      liquid (~> 4.0)
      mercenary (~> 0.3.3)
      pathutil (~> 0.9)
      rouge (>= 1.7, < 4)
      safe_yaml (~> 1.0)
    jekyll-asciidoc (2.1.1)
      asciidoctor (>= 1.5.0)
      jekyll (>= 2.3.0)
    jekyll-feed (0.12.1)
      jekyll (>= 3.7, < 5.0)
    jekyll-sass-converter (1.5.2)
      sass (~> 3.4)
    jekyll-seo-tag (2.6.0)
      jekyll (~> 3.3)
    jekyll-watch (2.2.1)
      listen (~> 3.0)
    json (2.2.0)
    kramdown (1.17.0)
    liquid (4.0.3)
    listen (3.1.5)
      rb-fsevent (~> 0.9, >= 0.9.4)
      rb-inotify (~> 0.9, >= 0.9.7)
      ruby_dep (~> 1.2)
    mercenary (0.3.6)
    metanorma (0.3.11)
      asciidoctor
      htmlentities
    metanorma-acme (1.1.4)
      asciidoctor (~> 1.5.7)
      htmlentities (~> 4.3.4)
      isodoc (~> 0.9.0)
      metanorma-standoc (~> 1.1.0)
      ruby-jing
    metanorma-cli (1.1.6)
      isodoc (~> 0.9.0)
      metanorma (~> 0.3.9)
      metanorma-acme (~> 1.1.0)
      metanorma-csand (~> 1.1.0)
      metanorma-csd (~> 1.1.0)
      metanorma-gb (~> 1.1.0)
      metanorma-ietf (~> 1.0.1)
      metanorma-iso (~> 1.1.0)
      metanorma-m3d (~> 1.1.0)
      metanorma-mpfd (~> 0.1.0)
      metanorma-nist (~> 0.0.1)
      metanorma-ogc (~> 0.0.1)
      metanorma-rsd (~> 1.1.0)
      metanorma-standoc (~> 1.1.0)
      metanorma-unece (~> 0.0.1)
      nokogiri (>= 1)
    metanorma-csand (1.1.4)
      asciidoctor (~> 1.5.7)
      asciimath
      htmlentities (~> 4.3.4)
      image_size
      isodoc (~> 0.9.0)
      metanorma-standoc (~> 1.1.0)
      mime-types
      nokogiri
      ruby-jing
      ruby-xslt
      thread_safe
      uuidtools
    metanorma-csd (1.1.4)
      isodoc (~> 0.9.6)
      metanorma-standoc (~> 1.1.0)
    metanorma-gb (1.1.5)
      gb-agencies (~> 0.0.4)
      htmlentities (~> 4.3.4)
      isodoc (~> 0.9.1)
      metanorma-iso (~> 1.1.0)
      twitter_cldr (~> 4.4.4)
    metanorma-ietf (1.0.1)
      isodoc (~> 0.9.6)
      metanorma-standoc (~> 1.1.0)
    metanorma-iso (1.1.5)
      asciidoctor (~> 1.5.7)
      iev (~> 0.2.0)
      isodoc (~> 0.9.8)
      metanorma-standoc (~> 1.1.0)
      ruby-jing
    metanorma-m3d (1.1.4)
      asciidoctor (~> 1.5.7)
      asciimath
      htmlentities (~> 4.3.4)
      image_size
      isodoc (~> 0.9.0)
      metanorma-standoc (~> 1.1.0)
      mime-types
      nokogiri
      ruby-jing
      ruby-xslt
      thread_safe
      uuidtools
    metanorma-mpfd (0.1.10)
      asciidoctor (~> 1.5.7)
      htmlentities (~> 4.3.4)
      isodoc (~> 0.9.0)
      metanorma-standoc (~> 1.1.0)
      nokogiri
      twitter_cldr
    metanorma-nist (0.0.6)
      asciidoctor (~> 1.5.7)
      htmlentities (~> 4.3.4)
      isodoc (~> 0.9.0)
      metanorma-standoc (~> 1.1.0)
      ruby-jing
      twitter_cldr
    metanorma-ogc (0.0.8)
      asciidoctor (~> 1.5.7)
      htmlentities (~> 4.3.4)
      iso-639
      isodoc (~> 0.9.0)
      metanorma-standoc (~> 1.1.0)
      ruby-jing
    metanorma-rsd (1.1.4)
      asciidoctor (~> 1.5.7)
      htmlentities (~> 4.3.4)
      isodoc (~> 0.9.0)
      metanorma-standoc (~> 1.1.0)
      nokogiri
    metanorma-standoc (1.1.6)
      asciidoctor (~> 1.5.7)
      concurrent-ruby
      html2doc (~> 0.8.0)
      iev (~> 0.2.1)
      isodoc (~> 0.9.0)
      relaton (~> 0.3.1)
      ruby-jing
      sterile (~> 1.0.14)
      unicode2latex (~> 0.0.1)
    metanorma-unece (0.0.14)
      asciidoctor (~> 1.5.7)
      htmlentities (~> 4.3.4)
      iso-639
      isodoc (~> 0.9.0)
      metanorma-standoc (~> 1.1.0)
      roman-numerals
      ruby-jing
      twitter_cldr
    mime-types (3.2.2)
      mime-types-data (~> 3.2015)
    mime-types-data (3.2019.0331)
    mini_portile2 (2.3.0)
    minima (2.5.0)
      jekyll (~> 3.5)
      jekyll-feed (~> 0.9)
      jekyll-seo-tag (~> 2.1)
    nokogiri (1.8.5)
      mini_portile2 (~> 2.3.0)
    optout (0.0.2)
    pathutil (0.16.2)
      forwardable-extended (~> 2.6)
    public_suffix (3.0.3)
    rake (12.3.2)
    rb-fsevent (0.10.3)
    rb-inotify (0.10.0)
      ffi (~> 1.0)
    relaton (0.3.3)
      algoliasearch
      gbbib (~> 0.4.0)
      iecbib (~> 0.2.0)
      ietfbib (~> 0.4.2)
      iso-bib-item (~> 0.4.2)
      isobib (~> 0.4.0)
    relaton-cli (0.1.9)
      liquid
      relaton (~> 0.3)
      thor
    roman-numerals (0.3.0)
    rouge (3.3.0)
    ruby-jing (0.0.1)
      optout (>= 0.0.2)
    ruby-xslt (0.9.10)
    ruby_deep_clone (0.8.0)
    ruby_dep (1.5.0)
    safe_yaml (1.0.5)
    sass (3.7.4)
      sass-listen (~> 4.0.0)
    sass-listen (4.0.0)
      rb-fsevent (~> 0.9, >= 0.9.4)
      rb-inotify (~> 0.9, >= 0.9.7)
    sassc (1.12.1)
      ffi (~> 1.9.6)
      sass (>= 3.3.0)
    sterile (1.0.14)
      nokogiri
    thor (0.20.3)
    thread_safe (0.3.6)
    twitter_cldr (4.4.4)
      camertron-eprun
      cldr-plurals-runtime-rb (~> 1.0)
      tzinfo
    tzinfo (2.0.0)
      concurrent-ruby (~> 1.0)
    unicode2latex (0.0.2)
    uuidtools (2.1.5)

PLATFORMS
  ruby

DEPENDENCIES
  jekyll (~> 3.8.5)
  jekyll-asciidoc
  jekyll-feed (~> 0.6)
  metanorma-cli
  minima (~> 2.0)
  relaton-cli
  tzinfo-data

BUNDLED WITH
   2.0.1
