GEM
  remote: https://rubygems.org/
  specs:
    addressable (2.7.0)
      public_suffix (>= 2.0.2, < 5.0)
    asciidoctor (1.5.8)
    asciimath (1.0.8)
    camertron-eprun (1.1.1)
    cldr-plurals-runtime-rb (1.0.1)
    cnccs (0.1.5)
    colorator (1.1.0)
    concurrent-ruby (1.1.5)
    em-websocket (0.5.1)
      eventmachine (>= 0.12.9)
      http_parser.rb (~> 0.6.0)
    eventmachine (1.2.7)
    faraday (0.17.0)
      multipart-post (>= 1.2, < 3)
    ffi (1.11.1)
    forwardable-extended (2.6.0)
    gb-agencies (0.0.6)
    git (1.5.0)
    html2doc (0.8.12)
      asciimath (~> 1.0.7)
      htmlentities (~> 4.3.4)
      image_size
      mime-types
      nokogiri
      thread_safe
      uuidtools
    htmlentities (4.3.4)
    http_parser.rb (0.6.0)
    i18n (0.9.5)
      concurrent-ruby (~> 1.0)
    iev (0.2.2)
      nokogiri
    image_size (2.0.2)
    iso-639 (0.2.8)
    isodoc (1.0.2)
      asciimath
      html2doc (~> 0.8.11)
      htmlentities (~> 4.3.4)
      liquid
      metanorma (~> 0.3.0)
      nokogiri (>= 1.10.4)
      rake (~> 12.0)
      roman-numerals
      sassc (~> 2)
      thread_safe
      uuidtools
    isoics (0.1.8)
    jekyll (3.8.5)
      addressable (~> 2.4)
      colorator (~> 1.0)
      em-websocket (~> 0.5)
      i18n (~> 0.7)
      jekyll-sass-converter (~> 1.0)
      jekyll-watch (~> 2.0)
      kramdown (~> 1.14)
      liquid (~> 4.0)
      mercenary (~> 0.3.3)
      pathutil (~> 0.9)
      rouge (>= 1.7, < 4)
      safe_yaml (~> 1.0)
    jekyll-asciidoc (2.1.1)
      asciidoctor (>= 1.5.0)
      jekyll (>= 2.3.0)
    jekyll-feed (0.12.1)
      jekyll (>= 3.7, < 5.0)
    jekyll-sass-converter (1.5.2)
      sass (~> 3.4)
    jekyll-seo-tag (2.6.1)
      jekyll (>= 3.3, < 5.0)
    jekyll-watch (2.2.1)
      listen (~> 3.0)
    kramdown (1.17.0)
    liquid (4.0.3)
    listen (3.1.5)
      rb-fsevent (~> 0.9, >= 0.9.4)
      rb-inotify (~> 0.9, >= 0.9.7)
      ruby_dep (~> 1.2)
    mercenary (0.3.6)
    metanorma (0.3.16)
      asciidoctor
      htmlentities
    metanorma-acme (1.3.1)
      asciidoctor (~> 1.5.7)
      htmlentities (~> 4.3.4)
      isodoc (~> 1.0.0)
      metanorma-standoc (~> 1.3.0)
      ruby-jing
    metanorma-cli (1.2.4)
      git (~> 1.5)
      isodoc (~> 1.0.0)
      metanorma (~> 0.3.9)
      metanorma-acme (~> 1.3.0)
      metanorma-csand (~> 1.3.0)
      metanorma-csd (~> 1.3.0)
      metanorma-gb (~> 1.3.0)
      metanorma-ietf (~> 1.0.1)
      metanorma-iso (~> 1.3.0)
      metanorma-itu (~> 0.2.0)
      metanorma-m3d (~> 1.3.0)
      metanorma-nist (~> 0.2.0)
      metanorma-ogc (~> 0.2.0)
      metanorma-standoc (~> 1.3.0)
      metanorma-unece (~> 0.2.0)
      nokogiri (>= 1)
      thor (~> 0.20.3)
    metanorma-csand (1.3.1)
      asciidoctor (~> 1.5.7)
      asciimath
      htmlentities (~> 4.3.4)
      image_size
      isodoc (~> 1.0.0)
      metanorma-standoc (~> 1.3.0)
      mime-types
      ruby-jing
      thread_safe
      uuidtools
    metanorma-csd (1.3.1)
      isodoc (~> 1.0.0)
      metanorma-standoc (~> 1.3.0)
    metanorma-gb (1.3.2)
      gb-agencies (~> 0.0.4)
      htmlentities (~> 4.3.4)
      isodoc (~> 1.0.0)
      metanorma-iso (~> 1.3.0)
      twitter_cldr (~> 4.4.4)
    metanorma-ietf (1.0.6)
      isodoc (~> 1.0.0)
      metanorma-standoc (~> 1.3.0)
    metanorma-iso (1.3.2)
      asciidoctor (~> 1.5.7)
      isodoc (~> 1.0.0)
      metanorma-standoc (~> 1.3.0)
      ruby-jing
    metanorma-itu (0.2.4)
      asciidoctor (~> 1.5.7)
      htmlentities (~> 4.3.4)
      isodoc (~> 1.0.0)
      metanorma-standoc (~> 1.3.0)
      ruby-jing
    metanorma-m3d (1.3.1)
      asciidoctor (~> 1.5.7)
      asciimath
      htmlentities (~> 4.3.4)
      image_size
      isodoc (~> 1.0.0)
      metanorma-standoc (~> 1.3.0)
      mime-types
      ruby-jing
      thread_safe
      uuidtools
    metanorma-nist (0.2.2)
      asciidoctor (~> 1.5.7)
      htmlentities (~> 4.3.4)
      isodoc (~> 1.0.0)
      metanorma-standoc (~> 1.3.0)
      ruby-jing
      twitter_cldr
      tzinfo-data
    metanorma-ogc (0.2.2)
      asciidoctor (~> 1.5.7)
      htmlentities (~> 4.3.4)
      iso-639
      isodoc (~> 1.0.0)
      metanorma-standoc (~> 1.3.0)
      ruby-jing
    metanorma-standoc (1.3.2)
      asciidoctor (~> 1.5.7)
      concurrent-ruby
      html2doc (~> 0.8.11)
      iev (~> 0.2.1)
      isodoc (~> 1.0.0)
      relaton (~> 0.5.0)
      relaton-iev (~> 0.1.0)
      ruby-jing
      sterile (~> 1.0.14)
      unicode2latex (~> 0.0.1)
    metanorma-unece (0.2.2)
      asciidoctor (~> 1.5.7)
      htmlentities (~> 4.3.4)
      iso-639
      isodoc (~> 1.0.0)
      metanorma-standoc (~> 1.3.0)
      roman-numerals
      ruby-jing
      twitter_cldr
    mime-types (3.3)
      mime-types-data (~> 3.2015)
    mime-types-data (3.2019.0904)
    mini_portile2 (2.4.0)
    minima (2.5.0)
      jekyll (~> 3.5)
      jekyll-feed (~> 0.9)
      jekyll-seo-tag (~> 2.1)
    multipart-post (2.1.1)
    nokogiri (1.10.5)
      mini_portile2 (~> 2.4.0)
    optout (0.0.2)
    pathutil (0.16.2)
      forwardable-extended (~> 2.6)
    public_suffix (4.0.1)
    rake (12.3.3)
    rb-fsevent (0.10.3)
    rb-inotify (0.10.0)
      ffi (~> 1.0)
    relaton (0.5.10)
      relaton-calconnect (~> 0.1.0)
      relaton-gb (~> 0.6.0)
      relaton-iec (~> 0.4.0)
      relaton-ietf (~> 0.6.0)
      relaton-iso (~> 0.6.0)
      relaton-itu (~> 0.3.0)
      relaton-nist (~> 0.3.0)
      relaton-ogc (~> 0.1.0)
    relaton-bib (0.3.12)
      addressable
      nokogiri
    relaton-calconnect (0.1.0)
      faraday
      relaton-iso-bib (~> 0.3.0)
    relaton-cli (0.3.11)
      liquid
      relaton (~> 0.5)
      thor
    relaton-gb (0.6.7)
      cnccs (~> 0.1.1)
      gb-agencies (~> 0.0.1)
      relaton-iso-bib (~> 0.3.0)
    relaton-iec (0.4.10)
      addressable
      relaton-iso-bib (~> 0.3.0)
    relaton-ietf (0.6.8)
      relaton-bib (~> 0.3.0)
    relaton-iev (0.1.1)
      relaton (~> 0.5.0)
    relaton-iso (0.6.9)
      relaton-iec (~> 0.4.0)
      relaton-iso-bib (~> 0.3.0)
    relaton-iso-bib (0.3.12)
      isoics (~> 0.1.6)
      relaton-bib (~> 0.3.0)
      ruby_deep_clone (~> 0.8.0)
    relaton-itu (0.3.7)
      relaton-iso-bib (~> 0.3.0)
    relaton-nist (0.3.8)
      relaton-bib (~> 0.3.0)
      rubyzip
    relaton-ogc (0.1.4)
      faraday
      relaton-iso-bib (~> 0.3.0)
    roman-numerals (0.3.0)
    rouge (3.3.0)
    ruby-jing (0.0.1)
      optout (>= 0.0.2)
    ruby_deep_clone (0.8.0)
    ruby_dep (1.5.0)
    rubyzip (2.0.0)
    safe_yaml (1.0.5)
    sass (3.7.4)
      sass-listen (~> 4.0.0)
    sass-listen (4.0.0)
      rb-fsevent (~> 0.9, >= 0.9.4)
      rb-inotify (~> 0.9, >= 0.9.7)
    sassc (2.2.1)
      ffi (~> 1.9)
    sterile (1.0.14)
      nokogiri
    thor (0.20.3)
    thread_safe (0.3.6)
    twitter_cldr (4.4.5)
      camertron-eprun
      cldr-plurals-runtime-rb (~> 1.0)
      tzinfo
    tzinfo (2.0.0)
      concurrent-ruby (~> 1.0)
    tzinfo-data (1.2019.3)
      tzinfo (>= 1.0.0)
    unicode2latex (0.0.2)
    uuidtools (2.1.5)

PLATFORMS
  ruby

DEPENDENCIES
  jekyll (~> 3.8.5)
  jekyll-asciidoc
  jekyll-feed (~> 0.6)
  metanorma-cli
  minima (~> 2.0)
  relaton-cli (~> 0.3.0)
  tzinfo-data

BUNDLED WITH
   2.0.1
